GEM
  remote: https://rubygems.org/
  specs:
    bson (4.3.0)
    bson_ext (1.5.1)
    mongo (2.5.0)
      bson (>= 4.3.0, < 5.0.0)
    rack (2.0.3)

PLATFORMS
  ruby

DEPENDENCIES
  bson_ext
  mongo
  rack

RUBY VERSION
   ruby 2.3.5p376

BUNDLED WITH
   1.16.1
