GEM
  remote: https://rubygems.org/
  specs:
    bson (1.8.5)
    bson_ext (1.8.5)
      bson (~> 1.8.5)
    mongo (1.8.5)
      bson (~> 1.8.5)
    rack (1.5.2)

PLATFORMS
  ruby

DEPENDENCIES
  bson_ext
  mongo
  rack
